GEM
  remote: http://rubygems.org/
  specs:
    backports (2.5.1)
    polyglot (0.3.1)
    rake (12.3.3)
    rspec (1.3.0)
    treetop (1.4.8)
      polyglot (>= 0.3.1)

PLATFORMS
  ruby

DEPENDENCIES
  backports
  polyglot (= 0.3.1)
  rake
  rspec (= 1.3.0)
  treetop (= 1.4.8)
